PATH
  remote: ~/src/ruby/toto
  specs:
    toto (0.4.9)
      builder
      maruku
      rack

GEM
  remote: http://rubygems.org/
  specs:
    builder (3.0.0)
    maruku (0.6.0)
      syntax (>= 1.0.0)
    rack (1.3.0)
    syntax (1.0.0)

PLATFORMS
  ruby

DEPENDENCIES
  builder
  maruku
  toto!
