GIT
  remote: https://github.com/tlvince/toto.git
  revision: 9cfe8516ede387f01eb6c18045d207469e091a68
  specs:
    toto (0.4.9)
      builder
      rack
      rdiscount

GEM
  remote: http://rubygems.org/
  specs:
    builder (3.0.0)
    maruku (0.6.0)
      syntax (>= 1.0.0)
    rack (1.3.0)
    rdiscount (1.6.8)
    syntax (1.0.0)

PLATFORMS
  ruby

DEPENDENCIES
  builder
  maruku
  toto!
