PATH
  remote: ~/src/ruby/toto
  specs:
    toto (0.4.9)
      builder
      maruku
      rack

GEM
  remote: http://rubygems.org/
  specs:
    builder (3.0.0)
    coderay (0.9.8)
    coderay_bash (0.2.1)
      coderay (< 1.0)
    maruku (0.6.0)
      syntax (>= 1.0.0)
    nokogiri (1.4.5)
    rack (1.3.0)
    rack-codehighlighter (0.4.7)
      nokogiri (>= 1.4.1)
      rack (>= 1.0.0)
    syntax (1.0.0)

PLATFORMS
  ruby

DEPENDENCIES
  builder
  coderay
  coderay_bash
  maruku
  rack-codehighlighter
  toto!
