GIT
  remote: https://github.com/tlvince/toto.git
  revision: 0c083719aa631c47481b8e47509d75758c298186
  specs:
    toto (0.4.9)
      builder
      maruku
      rack

GEM
  remote: http://rubygems.org/
  specs:
    builder (3.0.0)
    coderay (1.0.6)
    coderay_bash (1.0.2)
      coderay (>= 1.0)
    maruku (0.6.0)
      syntax (>= 1.0.0)
    newrelic_rpm (3.3.4.1)
    nokogiri (1.5.2)
    rack (1.4.1)
    rack-codehighlighter (0.5.0)
      nokogiri (>= 1.4.1)
      rack (>= 1.0.0)
    rack-rewrite (1.2.1)
    syntax (1.0.0)

PLATFORMS
  ruby

DEPENDENCIES
  builder
  coderay
  coderay_bash
  maruku
  newrelic_rpm
  rack-codehighlighter
  rack-rewrite
  toto!
